GEM
  remote: https://rubygems.org/
  specs:
    bcrypt_pbkdf (1.1.0)
    colored (1.2)
    ed25519 (1.2.4)
    net-ssh (6.1.0)

PLATFORMS
  ruby

DEPENDENCIES
  bcrypt_pbkdf
  colored
  ed25519
  net-ssh

BUNDLED WITH
   2.2.22
