GEM
  remote: https://rubygems.org/
  specs:
    colored (1.2)
    net-ssh (6.1.0)

PLATFORMS
  ruby

DEPENDENCIES
  colored
  net-ssh

BUNDLED WITH
   2.1.4
